PATH
  remote: .
  specs:
    pi_piper-bcm2835 (0.1.0)
      ffi
      pi_piper (>= 2.0.0)

GEM
  remote: https://rubygems.org/
  specs:
    coderay (1.1.0)
    diff-lcs (1.2.5)
    docile (1.1.5)
    eventmachine (1.0.9)
    ffi (1.9.10)
    json (1.8.3)
    method_source (0.8.2)
    pi_piper (2.0.0)
      eventmachine (= 1.0.9)
      ffi
    pry (0.10.3)
      coderay (~> 1.1.0)
      method_source (~> 0.8.1)
      slop (~> 3.4)
    rake (10.5.0)
    rspec (3.4.0)
      rspec-core (~> 3.4.0)
      rspec-expectations (~> 3.4.0)
      rspec-mocks (~> 3.4.0)
    rspec-core (3.4.3)
      rspec-support (~> 3.4.0)
    rspec-expectations (3.4.0)
      diff-lcs (>= 1.2.0, < 2.0)
      rspec-support (~> 3.4.0)
    rspec-mocks (3.4.1)
      diff-lcs (>= 1.2.0, < 2.0)
      rspec-support (~> 3.4.0)
    rspec-support (3.4.1)
    simplecov (0.11.2)
      docile (~> 1.1.0)
      json (~> 1.8)
      simplecov-html (~> 0.10.0)
    simplecov-html (0.10.0)
    slop (3.6.0)

PLATFORMS
  ruby

DEPENDENCIES
  bundler (~> 1.11)
  pi_piper-bcm2835!
  pry
  rake (~> 10.0)
  rspec (~> 3.0)
  simplecov

BUNDLED WITH
   1.11.2
